GEM
  remote: https://rubygems.org/
  specs:
    bcrypt (3.1.18)
    erubis (2.7.0)
    multi_json (1.15.0)
    mustermann (1.1.2)
      ruby2_keywords (~> 0.0.1)
    nio4r (2.5.8)
    pg (1.4.5)
    puma (6.0.2)
      nio4r (~> 2.0)
    rack (2.2.6.2)
    rack-protection (2.1.0)
      rack
    ruby2_keywords (0.0.5)
    securerandom (0.2.2)
    sinatra (2.1.0)
      mustermann (~> 1.0)
      rack (~> 2.2)
      rack-protection (= 2.1.0)
      tilt (~> 2.0)
    sinatra-contrib (2.1.0)
      multi_json
      mustermann (~> 1.0)
      rack-protection (= 2.1.0)
      sinatra (= 2.1.0)
      tilt (~> 2.0)
    tilt (2.0.11)

PLATFORMS
  x86_64-linux

DEPENDENCIES
  bcrypt
  erubis
  pg
  puma
  securerandom
  sinatra (~> 2.1.0)
  sinatra-contrib

RUBY VERSION
   ruby 3.2.0p0

BUNDLED WITH
   2.3.24
